PATH
  remote: .
  specs:
    activemodel_json_validator (0.1.0)

GEM
  remote: https://rubygems.org/
  specs:
    appraisal (2.2.0)
      bundler
      rake
      thor (>= 0.14.0)
    coveralls (0.7.2)
      multi_json (~> 1.3)
      rest-client (= 1.6.7)
      simplecov (>= 0.7)
      term-ansicolor (= 1.2.2)
      thor (= 0.18.1)
    diff-lcs (1.3)
    docile (1.3.2)
    json (2.2.0)
    mime-types (3.2.2)
      mime-types-data (~> 3.2015)
    mime-types-data (3.2019.0331)
    multi_json (1.13.1)
    rake (10.5.0)
    rest-client (1.6.7)
      mime-types (>= 1.16)
    rspec (3.8.0)
      rspec-core (~> 3.8.0)
      rspec-expectations (~> 3.8.0)
      rspec-mocks (~> 3.8.0)
    rspec-core (3.8.2)
      rspec-support (~> 3.8.0)
    rspec-expectations (3.8.4)
      diff-lcs (>= 1.2.0, < 2.0)
      rspec-support (~> 3.8.0)
    rspec-mocks (3.8.1)
      diff-lcs (>= 1.2.0, < 2.0)
      rspec-support (~> 3.8.0)
    rspec-support (3.8.2)
    simplecov (0.17.0)
      docile (~> 1.1)
      json (>= 1.8, < 3)
      simplecov-html (~> 0.10.0)
    simplecov-html (0.10.2)
    term-ansicolor (1.2.2)
      tins (~> 0.8)
    thor (0.18.1)
    tins (0.13.2)

PLATFORMS
  ruby

DEPENDENCIES
  activemodel_json_validator!
  appraisal (~> 2.2)
  bundler (~> 2.0)
  coveralls (~> 0.7.2)
  rake (~> 10.0)
  rspec (~> 3.0)
  simplecov (~> 0.17)

BUNDLED WITH
   2.0.2
